PATH
  remote: .
  specs:
    websockethook (0.2.02)
      websocket-client-simple (~> 0.3.0)

GEM
  remote: https://rubygems.org/
  specs:
    codeclimate-test-reporter (0.5.2)
      simplecov (>= 0.7.1, < 1.0.0)
    diff-lcs (1.2.5)
    docile (1.1.5)
    domain_name (0.5.23)
      unf (>= 0.0.5, < 1.0.0)
    event_emitter (0.2.5)
    http-cookie (1.0.2)
      domain_name (~> 0.5)
    json (1.8.3)
    mime-types (2.4.3)
    netrc (0.10.3)
    rake (11.2.2)
    rest-client (1.8.0)
      http-cookie (>= 1.0.2, < 2.0)
      mime-types (>= 1.16, < 3.0)
      netrc (~> 0.7)
    rspec (3.4.0)
      rspec-core (~> 3.4.0)
      rspec-expectations (~> 3.4.0)
      rspec-mocks (~> 3.4.0)
    rspec-core (3.4.4)
      rspec-support (~> 3.4.0)
    rspec-expectations (3.4.0)
      diff-lcs (>= 1.2.0, < 2.0)
      rspec-support (~> 3.4.0)
    rspec-mocks (3.4.1)
      diff-lcs (>= 1.2.0, < 2.0)
      rspec-support (~> 3.4.0)
    rspec-support (3.4.1)
    simplecov (0.11.2)
      docile (~> 1.1.0)
      json (~> 1.8)
      simplecov-html (~> 0.10.0)
    simplecov-html (0.10.0)
    unf (0.1.4)
      unf_ext
    unf_ext (0.0.6)
    websocket (1.2.3)
    websocket-client-simple (0.3.0)
      event_emitter
      websocket

PLATFORMS
  ruby

DEPENDENCIES
  codeclimate-test-reporter (~> 0.5.2)
  rake (~> 11.2.2)
  rest-client (~> 1.8.0)
  rspec (~> 3.4.0)
  websockethook!

BUNDLED WITH
   1.12.1
